PATH
  remote: .
  specs:
    rhoconnect (5.5.2)
      bundler (~> 1.0)
      connection_pool (~> 1.2.0)
      json (~> 2.2.0)
      rack (~> 2.0.7)
      rake (~> 12.3.2)
      redis (>= 3.0.1)
      resque (>= 1.22.0)
      rest-client (>= 1.6.1)
      rubyzip (~> 1.1)
      sinatra (~> 2.0.5)
      thor (~> 0.20.3)

GEM
  remote: https://rubygems.org/
  specs:
    addressable (2.5.0)
      public_suffix (~> 2.0, >= 2.0.2)
    archive-tar-minitar (0.5.2)
    arr-pm (0.0.10)
      cabin (> 0)
    async-rack (0.4.0)
      rack (>= 1.1.0)
    aws-s3 (0.6.3)
      builder
      mime-types
      xml-simple
    backports (3.6.8)
    builder (3.2.2)
    cabin (0.9.0)
    childprocess (0.5.9)
      ffi (~> 1.0, >= 1.0.11)
    clamp (1.0.1)
    connection_pool (1.2.0)
    crack (0.4.3)
      safe_yaml (~> 1.0.0)
    daemons (1.2.4)
    dotenv (2.1.1)
    eventmachine (1.0.9.1)
    excon (0.22.1)
    ffaker (1.14.0)
    ffi (1.9.14)
    fog (1.11.1)
      builder
      excon (~> 0.20)
      formatador (~> 0.2.0)
      json (~> 1.7)
      mime-types
      net-scp (~> 1.1)
      net-ssh (>= 2.1.3)
      nokogiri (~> 1.5.0)
      ruby-hmac
    formatador (0.2.5)
    fpm (1.7.0)
      archive-tar-minitar
      arr-pm (~> 0.0.10)
      backports (>= 2.6.2)
      cabin (>= 0.6.0)
      childprocess
      clamp (~> 1.0.0)
      ffi
      json (>= 1.7.7, < 2.0)
      pleaserun (~> 0.0.24)
      ruby-xz
    insist (1.0.0)
    io-like (0.3.0)
    json (1.8.3)
    mime-types (1.25.1)
    mono_logger (1.1.0)
    multi_json (1.13.1)
    mustache (0.99.8)
    net-scp (1.2.1)
      net-ssh (>= 2.6.5)
    net-ssh (3.2.0)
    nokogiri (1.5.11)
    pleaserun (0.0.27)
      cabin (> 0)
      clamp
      dotenv
      insist
      mustache (= 0.99.8)
      stud
    public_suffix (2.0.4)
    rack (2.0.7)
    rack-fiber_pool (0.9.3)
    rack-protection (1.5.5)
      rack
    rake (12.3.2)
    redis (4.1.1)
    redis-namespace (1.6.0)
      redis (>= 3.0.4)
    resque (1.27.4)
      mono_logger (~> 1.0)
      multi_json (~> 1.0)
      redis-namespace (~> 1.3)
      sinatra (>= 0.9.2)
      vegas (~> 0.1.2)
    rest-client (1.6.9)
      mime-types (~> 1.16)
    ruby-hmac (0.4.0)
    ruby-xz (0.2.3)
      ffi (~> 1.9)
      io-like (~> 0.3)
    rubyzip (1.2.3)
    safe_yaml (1.0.4)
    sinatra (1.4.8)
      rack (= 2.0.7)
      rack-protection (~> 1.4)
      tilt (>= 1.3, < 3)
    sqlite3 (1.3.12)
    stud (0.0.22)
    thin (1.7.0)
      daemons (~> 1.0, >= 1.0.9)
      eventmachine (~> 1.0, >= 1.0.4)
      rack (>= 1, < 3)
    thor (0.20.3)
    tilt (2.0.9)
    vegas (0.1.11)
      rack (>= 1.0.0)
    webmock (1.9.3)
      addressable (>= 2.2.7)
      crack (>= 0.3.2)
    xml-simple (1.1.5)

PLATFORMS
  ruby

DEPENDENCIES
  async-rack (= 0.4.0)
  aws-s3 (>= 0.6.2)
  dbd-jdbc (>= 0.1.4)
  dbi (>= 0.4.5)
  eventmachine (~> 1.0.5)
  excon (~> 0.22.1)
  ffaker (~> 1.14.0)
  fog (~> 1.11.1)
  fpm (>= 0.4.26)
  jdbc-sqlite3 (>= 3.7.2)
  jruby-openssl (>= 0.7.4)
  puma (~> 1.6.3)
  rack-fiber_pool
  rhoconnect!
  sqlite3 (>= 1.3.3)
  thin
  warbler
  webmock (~> 1.9.0)
  win32-process

BUNDLED WITH
   1.17.3
